GEM
  remote: https://rubygems.org/
  specs:
    coderay (1.1.1)
    method_source (0.8.2)
    pry (0.10.3)
      coderay (~> 1.1.0)
      method_source (~> 0.8.1)
      slop (~> 3.4)
    rack (1.6.9)
    rack-protection (1.5.5)
      rack
    sinatra (1.4.7)
      rack (~> 1.5)
      rack-protection (~> 1.4)
      tilt (>= 1.3, < 3)
    slop (3.6.0)
    tilt (2.0.4)

PLATFORMS
  ruby

DEPENDENCIES
  pry (~> 0.10.3)
  rack-protection (= 1.5.5)
  sinatra (~> 1.4.7)

RUBY VERSION
   ruby 2.3.1p112

BUNDLED WITH
   1.16.1
